GEM
  remote: https://rubygems.org/
  specs:
    minitest (5.14.1)
    rake (13.0.1)
    timecop (0.9.1)

PLATFORMS
  ruby

DEPENDENCIES
  minitest
  rake
  timecop

BUNDLED WITH
   2.1.4
